GEM
  remote: https://rubygems.org/
  specs:
    addressable (2.3.7)
    dotmoji (0.0.1)
      rmagick (~> 2.13.4)
      thor (~> 0.19.1)
    excon (0.44.4)
    foreman (0.78.0)
      thor (~> 0.19.1)
    heroku (3.30.0)
      heroku-api (~> 0.3.19)
      launchy (>= 0.3.2)
      multi_json (~> 1.10)
      netrc (>= 0.10.0)
      rest-client (= 1.6.7)
      rubyzip (= 0.9.9)
    heroku-api (0.3.22)
      excon (~> 0.38)
      multi_json (~> 1.8)
    launchy (2.4.3)
      addressable (~> 2.3)
    mime-types (2.4.3)
    multi_json (1.11.0)
    netrc (0.10.3)
    rack (1.6.0)
    rack-protection (1.5.3)
      rack
    rest-client (1.6.7)
      mime-types (>= 1.16)
    rmagick (2.13.4)
    rubyzip (0.9.9)
    sinatra (1.4.5)
      rack (~> 1.4)
      rack-protection (~> 1.4)
      tilt (~> 1.3, >= 1.3.4)
    thor (0.19.1)
    tilt (1.4.1)

PLATFORMS
  ruby

DEPENDENCIES
  dotmoji (~> 0.0.1)
  foreman (~> 0.78.0)
  heroku (~> 3.30.0)
  rmagick (~> 2.13.4)
  sinatra (~> 1.4.5)
